GEM
  remote: http://rubygems.org/
  specs:
    backports (2.6.1)
    capistrano (2.12.0)
      highline
      net-scp (>= 1.0.0)
      net-sftp (>= 2.0.0)
      net-ssh (>= 2.0.14)
      net-ssh-gateway (>= 1.1.0)
    capistrano-ext (1.2.1)
      capistrano (>= 1.0.0)
    capistrano_colors (0.5.5)
    chunky_png (1.2.6)
    compass (0.12.2)
      chunky_png (~> 1.2)
      fssm (>= 0.2.7)
      sass (~> 3.1)
    daemons (1.1.8)
    eventmachine (0.12.10)
    fssm (0.2.9)
    haml (3.1.7)
    hashie (1.2.0)
    highline (1.6.13)
    hike (1.2.1)
    json (1.7.3)
    multi_json (1.3.6)
    net-scp (1.0.4)
      net-ssh (>= 1.99.1)
    net-sftp (2.0.5)
      net-ssh (>= 2.0.9)
    net-ssh (2.5.2)
    net-ssh-gateway (1.1.0)
      net-ssh (>= 1.99.1)
    rack (1.4.1)
    rack-protection (1.2.0)
      rack
    rack-test (0.6.1)
      rack (>= 1.0)
    rake (0.9.2.2)
    sass (3.2.1)
    sinatra (1.3.2)
      rack (~> 1.3, >= 1.3.6)
      rack-protection (~> 1.2)
      tilt (~> 1.3, >= 1.3.3)
    sinatra-content-for (0.1)
      sinatra
    sinatra-contrib (1.3.1)
      backports (>= 2.0)
      eventmachine
      rack-protection
      rack-test
      sinatra (~> 1.3.0)
      tilt (~> 1.3)
    sinatra-partial (0.3.2)
      sinatra
    sinatra-reloader (1.0)
      sinatra-contrib
    sprockets (2.5.0)
      hike (~> 1.2)
      multi_json (~> 1.0)
      rack (~> 1.0)
      tilt (~> 1.1, != 1.3.0)
    thin (1.3.1)
      daemons (>= 1.0.9)
      eventmachine (>= 0.12.6)
      rack (>= 1.0.0)
    tilt (1.3.3)

PLATFORMS
  ruby

DEPENDENCIES
  capistrano-ext (~> 1.2.1)
  capistrano_colors (~> 0.5.5)
  compass (~> 0.12.2)
  haml (~> 3.1.7)
  hashie (~> 1.2.0)
  json (~> 1.7.3)
  rake (~> 0.9.2)
  sass (~> 3.2.1)
  sinatra (~> 1.3.2)
  sinatra-content-for (~> 0.1)
  sinatra-partial (~> 0.3.2)
  sinatra-reloader (~> 1.0)
  sprockets (~> 2.5.0)
  thin (~> 1.3.1)
